GEM
  remote: https://rubygems.org/
  specs:
    backports (3.6.8)
    builder (3.2.2)
    dotenv (2.1.1)
    faker (1.6.6)
      i18n (~> 0.5)
    faraday (0.9.2)
      multipart-post (>= 1.2, < 3)
    git-version-bump (0.15.1)
    i18n (0.7.0)
    jwt (1.5.6)
    multi_json (1.12.1)
    multipart-post (2.0.0)
    rack (1.6.4)
    rack-contrib (1.4.0)
      git-version-bump (~> 0.15)
      rack (~> 1.4)
    rack-protection (1.5.3)
      rack
    rack-test (0.6.3)
      rack (>= 1.0)
    sinatra (1.4.7)
      rack (~> 1.5)
      rack-protection (~> 1.4)
      tilt (>= 1.3, < 3)
    sinatra-contrib (1.4.7)
      backports (>= 2.0)
      multi_json
      rack-protection
      rack-test
      sinatra (~> 1.4.0)
      tilt (>= 1.3, < 3)
    tilt (2.0.5)
    twilio-ruby (5.0.0.rc17)
      builder (>= 2.1.2)
      faraday (~> 0.9)
      jwt (~> 1.0)

PLATFORMS
  ruby

DEPENDENCIES
  dotenv
  faker
  rack-contrib
  sinatra
  sinatra-contrib
  twilio-ruby (~> 5.0.x)

BUNDLED WITH
   1.10.6
